FRAMEWORK: >= NET45
NUGET
  remote: https://www.nuget.org/api/v2
    Castle.Core (3.3.3) - framework: net452
    Dragablz (0.0.3.165)
    MahApps.Metro (1.2.4)
    Moq (4.5.10) - framework: net452
      Castle.Core (>= 3.3.3)
    NSubstitute (1.10) - framework: net452
    RhinoMocks (3.6.1) - framework: net452
    Shouldly (2.8) - framework: net452
    xunit (2.1) - framework: net452
      xunit.assert (2.1)
      xunit.core (2.1)
    xunit.abstractions (2.0)
    xunit.assert (2.1)
    xunit.core (2.1)
      xunit.extensibility.core (2.1)
      xunit.extensibility.execution (2.1)
    xunit.extensibility.core (2.1)
      xunit.abstractions (2.0)
    xunit.extensibility.execution (2.1)
      xunit.extensibility.core (2.1)
GITHUB
  remote: ControlzEx/ControlzEx
    src/ControlzEx/PackIconBase.cs (72aa238cd565ef63e8d52c29982a587e039d04ec)
    src/ControlzEx/PopupEx.cs (72aa238cd565ef63e8d52c29982a587e039d04ec)
  remote: samueldjack/VirtualCollection
    VirtualCollection/VirtualCollection/VirtualizingWrapPanel.cs (e63d891c252c2ac1a3ebb26dddb9a3d89effe3f2)